PATH
  remote: .
  specs:
    rb8-trepanning (0.0.1)
      columnize
      rbx-require-relative (> 0.0.4)

GEM
  remote: https://rubygems.org/
  specs:
    columnize (0.9.0)
    psych (5.1.2)
      stringio
    rake (13.0.1)
    rbx-require-relative (0.0.9)
    rdoc (6.6.3.1)
      psych (>= 4.0.0)
    stringio (3.1.0)

PLATFORMS
  ruby

DEPENDENCIES
  rake
  rb8-trepanning!
  rdoc (> 2.4.2)
