PATH
  remote: .
  specs:
    rb8-trepanning (0.0.1)
      columnize
      rbx-require-relative (> 0.0.4)

GEM
  remote: https://rubygems.org/
  specs:
    columnize (0.9.0)
    json (1.8.0)
    rake (13.0.1)
    rbx-require-relative (0.0.9)
    rdoc (4.0.1)
      json (~> 1.4)

PLATFORMS
  ruby

DEPENDENCIES
  rake
  rb8-trepanning!
  rdoc (> 2.4.2)
